PATH
  remote: .
  specs:
    osheet (0.9.1)
      enumeration (~> 1.2)
      xmlss (~> 0.2)

GEM
  remote: http://rubygems.org/
  specs:
    ansi (1.3.0)
    assert (0.6.0)
      assert-view (~> 0.3)
    assert-view (0.3.0)
      ansi (~> 1.3)
      undies (~> 1.1)
    enumeration (1.2.1)
    nokogiri (1.4.7)
    rake (0.9.2)
    undies (1.1.0)
    xmlss (0.3.0)
      enumeration (~> 1.2)
      nokogiri (~> 1.4.0)

PLATFORMS
  ruby

DEPENDENCIES
  assert (~> 0.3)
  bundler (~> 1.0)
  osheet!
  rake (~> 0.9.2)
